GEM
  remote: http://rubygems.org/
  specs:
    rack (1.3.5)
    rack-legacy (0.3.1)
      rack

PLATFORMS
  ruby

DEPENDENCIES
  rack-legacy
